GEM
  remote: https://rubygems.org/
  specs:
    byebug (11.0.1)
    httparty (0.17.3)
      mime-types (~> 3.0)
      multi_xml (>= 0.5.2)
    meilisearch (0.8.0)
      httparty (~> 0.17.1)
    mime-types (3.3.1)
      mime-types-data (~> 3.2015)
    mime-types-data (3.2019.1009)
    multi_xml (0.6.0)

PLATFORMS
  ruby

DEPENDENCIES
  byebug
  meilisearch (~> 0.8)

BUNDLED WITH
   1.17.3
